GEM
  remote: https://rubygems.org/
  specs:
    capybara (2.0.2)
      mime-types (>= 1.16)
      nokogiri (>= 1.3.3)
      rack (>= 1.0.0)
      rack-test (>= 0.5.4)
      selenium-webdriver (~> 2.0)
      xpath (~> 1.0.0)
    capybara-webkit (0.14.1)
      capybara (~> 2.0, >= 2.0.2)
      json
    childprocess (0.3.7)
      ffi (~> 1.0, >= 1.0.6)
    diff-lcs (1.1.3)
    ffi (1.3.1)
    git (1.2.5)
    jeweler (1.8.3)
      bundler (~> 1.0)
      git (>= 1.2.5)
      rake
      rdoc
    json (1.7.6)
    mime-types (1.20.1)
    multi_json (1.5.0)
    nokogiri (1.5.6)
    rack (1.5.2)
    rack-test (0.6.2)
      rack (>= 1.0)
    rake (10.0.3)
    rdoc (3.12)
      json (~> 1.4)
    require_all (1.2.1)
    rspec (2.8.0)
      rspec-core (~> 2.8.0)
      rspec-expectations (~> 2.8.0)
      rspec-mocks (~> 2.8.0)
    rspec-core (2.8.0)
    rspec-expectations (2.8.0)
      diff-lcs (~> 1.1.2)
    rspec-mocks (2.8.0)
    rubyzip (0.9.9)
    selenium-webdriver (2.29.0)
      childprocess (>= 0.2.5)
      multi_json (~> 1.0)
      rubyzip
      websocket (~> 1.0.4)
    terminal-table (1.4.5)
    websocket (1.0.7)
    xpath (1.0.0)
      nokogiri (~> 1.3)

PLATFORMS
  ruby

DEPENDENCIES
  bundler
  capybara
  capybara-webkit
  jeweler
  rake
  require_all (~> 1.2.1)
  rspec (~> 2.8.0)
  terminal-table
